GEM
  remote: https://rubygems.org/
  specs:
    asciidoctor (2.0.10)
    csv (3.1.2)

PLATFORMS
  ruby

DEPENDENCIES
  asciidoctor (~> 2.0, >= 2.0.10)
  csv (~> 3.1, >= 3.1.2)

BUNDLED WITH
   2.1.4
